PATH
  remote: .
  specs:
    deploy (1.5)

GEM
  remote: http://rubygems.org/
  specs:
    bacon (1.1.0)
    rake (0.9.2.2)
    simpleconfig (2.0.0)

PLATFORMS
  ruby

DEPENDENCIES
  bacon
  deploy!
  rake
  simpleconfig
