PATH
  remote: .
  specs:
    deploy (1.0)

GEM
  remote: http://rubygems.org/
  specs:
    bacon (1.1.0)
    haml (3.1.2)
    rake (0.9.2)

PLATFORMS
  ruby

DEPENDENCIES
  bacon
  deploy!
  haml
  rake
