PATH
  remote: .
  specs:
    deploy (1.1)

GEM
  remote: http://rubygems.org/
  specs:
    bacon (1.1.0)
    rake (0.9.2.2)

PLATFORMS
  ruby

DEPENDENCIES
  bacon
  deploy!
  rake
