PATH
  remote: .
  specs:
    deploy (1.0)

GEM
  remote: http://rubygems.org/
  specs:
    bacon (1.1.0)
    ffaker (1.4.0)
    rake (0.9.2)
    rr (1.0.2)

PLATFORMS
  ruby

DEPENDENCIES
  bacon
  deploy!
  ffaker
  rake
  rr
